PATH
  remote: .
  specs:
    kns_email_endpoint (0.1.0)
      dalli (>= 1.0, < 3.3)
      kns_endpoint (>= 0.1.9)
      mail (>= 2.2.6.1)
      work_queue (~> 1.0.0)

GEM
  remote: http://rubygems.org/
  specs:
    awesome_print (0.3.1)
    configuration (1.2.0)
    dalli (3.2.3)
    diff-lcs (1.1.2)
    domain_name (0.5.20190701)
      unf (>= 0.0.5, < 1.0.0)
    growl (1.0.3)
    guard (0.2.2)
      open_gem (~> 1.4.2)
      thor (~> 0.14.3)
    guard-rspec (0.1.9)
      guard (>= 0.2.2)
    http-accept (1.7.0)
    http-cookie (1.0.5)
      domain_name (~> 0.5)
    json (1.4.6)
    kns_endpoint (0.2.0)
      json (~> 1.4.0)
      rest-client (>= 1.6.1)
    launchy (0.3.7)
      configuration (>= 0.0.5)
      rake (>= 0.8.1)
    mail (2.7.1)
      mini_mime (>= 0.1.1)
    mime-types (3.4.1)
      mime-types-data (~> 3.2015)
    mime-types-data (3.2022.0105)
    mini_mime (1.1.2)
    netrc (0.11.0)
    open_gem (1.4.2)
      launchy (~> 0.3.5)
    rake (0.8.7)
    rb-fsevent (0.3.9)
    rest-client (2.1.0)
      http-accept (>= 1.7.0, < 2.0)
      http-cookie (>= 1.0.2, < 2.0)
      mime-types (>= 1.16, < 4.0)
      netrc (~> 0.8)
    rspec (2.4.0)
      rspec-core (~> 2.4.0)
      rspec-expectations (~> 2.4.0)
      rspec-mocks (~> 2.4.0)
    rspec-core (2.4.0)
    rspec-expectations (2.4.0)
      diff-lcs (~> 1.1.2)
    rspec-mocks (2.4.0)
    thor (0.14.6)
    unf (0.1.4)
      unf_ext
    unf_ext (0.0.8.2)
    work_queue (1.0.0)

PLATFORMS
  ruby

DEPENDENCIES
  awesome_print
  growl
  guard-rspec
  kns_email_endpoint!
  rb-fsevent
  rspec (>= 2.0.0)
