PATH
  remote: .
  specs:
    kns_email_endpoint (0.1.0)
      dalli (~> 1.0.0)
      kns_endpoint (>= 0.1.9)
      mail (>= 2.2.6.1)
      work_queue (~> 1.0.0)

GEM
  remote: http://rubygems.org/
  specs:
    awesome_print (0.3.1)
    configuration (1.2.0)
    dalli (1.0.1)
    diff-lcs (1.1.2)
    growl (1.0.3)
    guard (0.2.2)
      open_gem (~> 1.4.2)
      thor (~> 0.14.3)
    guard-rspec (0.1.9)
      guard (>= 0.2.2)
    json (1.4.6)
    kns_endpoint (0.1.9)
      json (~> 1.4.0)
      rest-client (>= 1.6.1)
    launchy (0.3.7)
      configuration (>= 0.0.5)
      rake (>= 0.8.1)
    mail (2.7.1)
      mini_mime (>= 0.1.1)
    mime-types (3.3)
      mime-types-data (~> 3.2015)
    mime-types-data (3.2019.1009)
    mini_mime (1.0.2)
    open_gem (1.4.2)
      launchy (~> 0.3.5)
    rake (0.8.7)
    rb-fsevent (0.3.9)
    rest-client (1.6.1)
      mime-types (>= 1.16)
    rspec (2.4.0)
      rspec-core (~> 2.4.0)
      rspec-expectations (~> 2.4.0)
      rspec-mocks (~> 2.4.0)
    rspec-core (2.4.0)
    rspec-expectations (2.4.0)
      diff-lcs (~> 1.1.2)
    rspec-mocks (2.4.0)
    thor (0.14.6)
    work_queue (1.0.0)

PLATFORMS
  ruby

DEPENDENCIES
  awesome_print
  growl
  guard-rspec
  kns_email_endpoint!
  rb-fsevent
  rspec (>= 2.0.0)
